GEM
  remote: https://rubygems.org/
  specs:
    coderay (1.1.1)
    em-synchrony (1.0.6)
      eventmachine (>= 1.0.0.beta.1)
    eventmachine (1.2.1)
    frisky (0.1.2)
      em-synchrony
      eventmachine (>= 1.0.0)
      log_switch (~> 1.0.0)
    log_switch (1.0.0)
    method_source (0.8.2)
    pry (0.10.4)
      coderay (~> 1.1.0)
      method_source (~> 0.8.1)
      slop (~> 3.4)
    slop (3.6.0)
    websocket (1.2.3)
    websocket-eventmachine-base (1.2.0)
      eventmachine (~> 1.0)
      websocket (~> 1.0)
      websocket-native (~> 1.0)
    websocket-eventmachine-client (1.2.0)
      websocket-eventmachine-base (~> 1.0)
    websocket-native (1.0.0)

PLATFORMS
  ruby

DEPENDENCIES
  frisky
  pry
  websocket
  websocket-eventmachine-client

BUNDLED WITH
   1.12.0
